GEM
  remote: https://rubygems.org/
  specs:
    anthropic-sdk-beta (0.1.0.pre.beta.6)
      connection_pool
    coderay (1.1.3)
    connection_pool (2.5.3)
    method_source (1.1.0)
    pry (0.15.2)
      coderay (~> 1.1)
      method_source (~> 1.0)

PLATFORMS
  arm64-darwin-24
  ruby

DEPENDENCIES
  anthropic-sdk-beta (~> 0.1.0.pre.beta.6)
  pry

BUNDLED WITH
   2.6.7
